GIT
  remote: git://github.com/guard/guard.git
  revision: 5ebc94b9fb883cb6f04fce52e076f69971f1287d
  specs:
    guard (1.3.3)
      listen (>= 0.4.2)
      thor (>= 0.14.6)

PATH
  remote: /Users/kibiyama/git/captivation
  specs:
    captivation (0.0.1)
      activesupport
      bubble-wrap
      coalesce
      konjure
      motion_support
      reactr

PATH
  remote: .
  specs:
    mocap (0.0.1)
      activesupport
      bubble-wrap
      captivation
      coalesce
      konjure
      motion_support
      motivation
      reactr

PATH
  remote: /Users/kibiyama/git/motivation
  specs:
    motivation (0.0.1)
      activesupport
      bubble-wrap
      coalesce
      konjure
      motion_support

PATH
  remote: /Users/kibiyama/git/reactr
  specs:
    reactr (0.0.1)
      coalesce

GEM
  remote: http://rubygems.org/
  specs:
    activesupport (3.2.8)
      i18n (~> 0.6)
      multi_json (~> 1.0)
    bubble-wrap (1.1.3)
    coalesce (0.0.1)
    diff-lcs (1.1.3)
    guard-bundler (1.0.0)
      bundler (~> 1.0)
      guard (~> 1.1)
    guard-rspec (1.2.1)
      guard (>= 1.1)
    i18n (0.6.1)
    konjure (0.0.4)
    listen (0.5.2)
    motion_support (0.0.6)
      bubble-wrap
    multi_json (1.3.6)
    rb-fsevent (0.9.2)
    rr (1.0.4)
    rspec (2.11.0)
      rspec-core (~> 2.11.0)
      rspec-expectations (~> 2.11.0)
      rspec-mocks (~> 2.11.0)
    rspec-core (2.11.1)
    rspec-expectations (2.11.3)
      diff-lcs (~> 1.1.3)
    rspec-mocks (2.11.3)
    thor (0.16.0)

PLATFORMS
  ruby

DEPENDENCIES
  captivation (~> 0.0.1)!
  guard!
  guard-bundler (~> 1.0.0)
  guard-rspec (~> 1.2.1)
  mocap!
  motivation (~> 0.0.1)!
  rb-fsevent
  reactr (~> 0.0.1)!
  rr
  rspec
